GEM
  remote: https://rubygems.org/
  remote: https://ruby.taobao.org/
  specs:
    as-notifications (1.0.1)
    builder (3.2.2)
    coderay (1.1.1)
    diff-lcs (1.2.5)
    docile (1.1.5)
    i18n (0.7.0)
    json (1.8.3)
    method_source (0.8.2)
    multi_json (1.12.1)
    pry (0.10.3)
      coderay (~> 1.1.0)
      method_source (~> 0.8.1)
      slop (~> 3.4)
    rack (1.5.3)
    rack-test (0.6.3)
      rack (>= 1.0)
    rake (11.2.2)
    rspec (3.5.0)
      rspec-core (~> 3.5.0)
      rspec-expectations (~> 3.5.0)
      rspec-mocks (~> 3.5.0)
    rspec-core (3.5.0)
      rspec-support (~> 3.5.0)
    rspec-expectations (3.5.0)
      diff-lcs (>= 1.2.0, < 2.0)
      rspec-support (~> 3.5.0)
    rspec-mocks (3.5.0)
      diff-lcs (>= 1.2.0, < 2.0)
      rspec-support (~> 3.5.0)
    rspec-support (3.5.0)
    rspec_junit_formatter (0.2.3)
      builder (< 4)
      rspec-core (>= 2, < 4, != 2.12.0)
    simplecov (0.12.0)
      docile (~> 1.1.0)
      json (>= 1.8, < 3)
      simplecov-html (~> 0.10.0)
    simplecov-html (0.10.0)
    slop (3.6.0)
    webmachine (1.2.2)
      as-notifications (~> 1.0)
      i18n (>= 0.4.0)
      multi_json

PLATFORMS
  ruby

DEPENDENCIES
  json
  pry
  rack (~> 1.5.2)
  rack-test
  rake
  rspec
  rspec_junit_formatter
  simplecov
  webmachine (~> 1.2.2)

BUNDLED WITH
   1.11.2
